GEM
  remote: https://rubygems.org/
  specs:
    builder (3.2.2)
    mini_portile (0.6.1)
    nokogiri (1.6.5)
      mini_portile (~> 0.6.0)
    rbvmomi (1.8.2)
      builder
      nokogiri (>= 1.4.1)
      trollop
    trollop (2.0)
    waitutil (0.2.1)

PLATFORMS
  ruby

DEPENDENCIES
  rbvmomi
  waitutil
